GEM
  remote: https://rubygems.org/
  specs:
    json (2.15.1)

PLATFORMS
  arm64-darwin-25
  ruby
  x86_64-linux

DEPENDENCIES
  json

BUNDLED WITH
   2.7.2
